PATH
  remote: .
  specs:
    mqtt-homie-homeassistant (1.0.2)
      homie-mqtt (~> 1.6)
      mqtt-homeassistant (~> 1.0, >= 1.0.2)

GEM
  remote: https://rubygems.org/
  specs:
    ast (2.4.2)
    base64 (0.1.1)
    date (3.4.1)
    debug (1.10.0)
      irb (~> 1.10)
      reline (>= 0.3.8)
    homie-mqtt (1.6.3)
      mqtt-ccutrer (~> 1.0, >= 1.0.3)
      ruby2_keywords (~> 0.0.5)
    io-console (0.8.0)
    irb (1.14.3)
      rdoc (>= 4.0.0)
      reline (>= 0.4.2)
    json (2.6.3)
    language_server-protocol (3.17.0.3)
    mqtt-ccutrer (1.0.3)
    mqtt-homeassistant (1.0.2)
      json (~> 2.0)
      mqtt-ccutrer (~> 1.0, >= 1.0.3)
    parallel (1.23.0)
    parser (3.2.2.4)
      ast (~> 2.4.1)
      racc
    psych (5.2.2)
      date
      stringio
    racc (1.7.1)
    rainbow (3.1.1)
    rake (13.0.6)
    rdoc (6.10.0)
      psych (>= 4.0.0)
    regexp_parser (2.8.1)
    reline (0.6.0)
      io-console (~> 0.5)
    rexml (3.2.6)
    rubocop (1.56.4)
      base64 (~> 0.1.1)
      json (~> 2.3)
      language_server-protocol (>= 3.17.0)
      parallel (~> 1.10)
      parser (>= 3.2.2.3)
      rainbow (>= 2.2.2, < 4.0)
      regexp_parser (>= 1.8, < 3.0)
      rexml (>= 3.2.5, < 4.0)
      rubocop-ast (>= 1.28.1, < 2.0)
      ruby-progressbar (~> 1.7)
      unicode-display_width (>= 2.4.0, < 3.0)
    rubocop-ast (1.29.0)
      parser (>= 3.2.1.0)
    rubocop-inst (1.0.2)
      rubocop (~> 1.50)
      rubocop-performance (~> 1.17)
    rubocop-performance (1.19.1)
      rubocop (>= 1.7.0, < 2.0)
      rubocop-ast (>= 0.4.0)
    rubocop-rake (0.6.0)
      rubocop (~> 1.0)
    ruby-progressbar (1.13.0)
    ruby2_keywords (0.0.5)
    stringio (3.1.2)
    unicode-display_width (2.5.0)

PLATFORMS
  x86_64-linux

DEPENDENCIES
  debug (~> 1.9)
  mqtt-homie-homeassistant!
  rake (~> 13.0)
  rubocop-inst (~> 1.0)
  rubocop-rake (~> 0.6)

BUNDLED WITH
   2.4.20
